PATH
  remote: .
  specs:
    jiraa (1.0.5)
      colorize (= 0.5.8)
      gli (= 2.5.6)
      jira_client (>= 1.0.2)

GEM
  remote: https://rubygems.org/
  specs:
    chronic_duration (0.10.2)
      numerizer (~> 0.1.1)
    colorize (0.5.8)
    gli (2.5.6)
    jira_client (1.0.3)
      chronic_duration
      json
      rest-client
    json (1.8.0)
    mime-types (1.23)
    numerizer (0.1.1)
    rake (10.1.0)
    rest-client (1.6.7)
      mime-types (>= 1.16)

PLATFORMS
  ruby

DEPENDENCIES
  bundler (~> 1.3)
  jiraa!
  rake
